GEM
  remote: https://rubygems.org/
  specs:
    chronic (0.10.2)
    coderay (1.1.1)
    firebase (0.2.6)
      httpclient
      json
    httparty (0.14.0)
      multi_xml (>= 0.5.2)
    httpclient (2.8.1)
    json (2.0.2)
    method_source (0.8.2)
    multi_xml (0.5.5)
    pry (0.10.4)
      coderay (~> 1.1.0)
      method_source (~> 0.8.1)
      slop (~> 3.4)
    rack (1.6.4)
    rack-protection (1.5.5)
      rack
    sinatra (1.5.5)
      rack (~> 1.5)
      rack-protection (~> 1.5.5)
      tilt (>= 1.3, < 3)
    slop (3.6.0)
    tilt (2.0.5)
    whenever (0.9.7)
      chronic (>= 0.6.3)

PLATFORMS
  ruby

DEPENDENCIES
  firebase
  httparty
  json
  pry
  sinatra
  whenever

BUNDLED WITH
   1.12.5
